PATH
  remote: .
  specs:
    neo4j-ruby-driver (4.4.5.20241010164654)
      activesupport (>= 5.2.0)
      async-io
      connection_pool
      zeitwerk (>= 2.1.10)

GEM
  remote: https://rubygems.org/
  specs:
    activesupport (7.2.1)
      base64
      bigdecimal
      concurrent-ruby (~> 1.0, >= 1.3.1)
      connection_pool (>= 2.2.5)
      drb
      i18n (>= 1.6, < 2)
      logger (>= 1.4.2)
      minitest (>= 5.1)
      securerandom (>= 0.3)
      tzinfo (~> 2.0, >= 2.0.5)
    async (2.17.0)
      console (~> 1.26)
      fiber-annotation
      io-event (~> 1.6, >= 1.6.5)
    async-io (1.43.2)
      async
    base64 (0.2.0)
    bigdecimal (3.1.8)
    concurrent-ruby (1.3.4)
    connection_pool (2.4.1)
    console (1.27.0)
      fiber-annotation
      fiber-local (~> 1.1)
      json
    diff-lcs (1.5.1)
    drb (2.2.1)
    ffaker (2.23.0)
    fiber-annotation (0.2.0)
    fiber-local (1.1.0)
      fiber-storage
    fiber-storage (1.0.0)
    hoe (4.2.2)
      rake (>= 0.8, < 15.0)
    hoe-bundler (1.5.0)
    hoe-gemspec (1.0.0)
      hoe (>= 2.2.0)
    i18n (1.14.6)
      concurrent-ruby (~> 1.0)
    io-event (1.7.1)
    json (2.7.2)
    logger (1.6.1)
    minitest (5.25.1)
    psych (5.1.2)
      stringio
    rake (13.2.1)
    rdoc (6.7.0)
      psych (>= 4.0.0)
    rspec-core (3.13.1)
      rspec-support (~> 3.13.0)
    rspec-expectations (3.13.3)
      diff-lcs (>= 1.2.0, < 2.0)
      rspec-support (~> 3.13.0)
    rspec-its (1.3.0)
      rspec-core (>= 3.0.0)
      rspec-expectations (>= 3.0.0)
    rspec-mocks (3.13.2)
      diff-lcs (>= 1.2.0, < 2.0)
      rspec-support (~> 3.13.0)
    rspec-support (3.13.1)
    securerandom (0.3.1)
    stringio (3.1.1)
    tzinfo (2.0.6)
      concurrent-ruby (~> 1.0)
    zeitwerk (2.6.18)

PLATFORMS
  ruby
  x86_64-linux

DEPENDENCIES
  ffaker
  hoe
  hoe-bundler
  hoe-gemspec
  neo4j-ruby-driver!
  rake
  rdoc (>= 4.0, < 7)
  rspec-its
  rspec-mocks

BUNDLED WITH
   2.5.11
